GIT
  remote: git@github.com:bmalinconico/hcl-checker.git
  revision: e6395f5b9152292eba0494e07e24e769536b513e
  specs:
    hcl-checker (1.0.5)

GEM
  remote: https://rubygems.org/
  specs:
    coderay (1.1.2)
    method_source (0.9.2)
    pry (0.12.2)
      coderay (~> 1.1.0)
      method_source (~> 0.9.0)

PLATFORMS
  ruby
  x86_64-darwin-17

DEPENDENCIES
  hcl-checker!
  pry

BUNDLED WITH
   1.16.1
